GEM
  remote: https://rubygems.org/
  specs:
    holidays (1.0.8)

PLATFORMS
  ruby

DEPENDENCIES
  holidays (= 1.0.8)

BUNDLED WITH
   1.10.6
